GEM
  remote: https://rubygems.org/
  specs:
    CFPropertyList (2.2.8)
    diff-lcs (1.2.5)
    facter (2.4.4)
      CFPropertyList (~> 2.2.6)
    hiera (2.0.0)
      json_pure
    json (1.8.2)
    json_pure (1.8.2)
    metaclass (0.0.4)
    metadata-json-lint (0.0.6)
      json
      spdx-licenses (~> 1.0)
    mocha (1.1.0)
      metaclass (~> 0.0.1)
    puppet (4.1.0)
      facter (> 2.0, < 4)
      hiera (>= 2.0, < 3)
      json_pure
    puppet-lint (1.1.0)
    puppet-syntax (2.0.0)
      rake
    puppetlabs_spec_helper (0.10.3)
      mocha
      puppet-lint
      puppet-syntax
      rake
      rspec-puppet
    rake (10.4.2)
    rspec (3.2.0)
      rspec-core (~> 3.2.0)
      rspec-expectations (~> 3.2.0)
      rspec-mocks (~> 3.2.0)
    rspec-core (3.2.3)
      rspec-support (~> 3.2.0)
    rspec-expectations (3.2.1)
      diff-lcs (>= 1.2.0, < 2.0)
      rspec-support (~> 3.2.0)
    rspec-mocks (3.2.1)
      diff-lcs (>= 1.2.0, < 2.0)
      rspec-support (~> 3.2.0)
    rspec-puppet (2.2.0)
      rspec
    rspec-support (3.2.2)
    spdx-licenses (1.0.0)
      json

PLATFORMS
  ruby

DEPENDENCIES
  metadata-json-lint
  puppet (>= 3.7)
  puppet-lint
  puppet-syntax
  puppetlabs_spec_helper
  rake
  rspec-puppet (~> 2.0)
